GEM
  remote: https://rubygems.org/
  specs:
    mini_portile2 (2.5.1)
    nokogiri (1.11.4)
      mini_portile2 (~> 2.5.0)
      racc (~> 1.4)
    racc (1.5.2)
    slop (4.6.2)

PLATFORMS
  ruby

DEPENDENCIES
  nokogiri (>= 1.10.8)
  slop

BUNDLED WITH
   1.17.3
