GEM
  remote: https://rubygems.org/
  specs:
    mini_portile2 (2.4.0)
    nokogiri (1.10.8)
      mini_portile2 (~> 2.4.0)
    slop (4.6.2)

PLATFORMS
  ruby

DEPENDENCIES
  nokogiri (>= 1.10.8)
  slop

BUNDLED WITH
   1.16.1
