GEM
  remote: https://rubygems.org/
  specs:
    mini_portile2 (2.8.1)
    nokogiri (1.13.10)
      mini_portile2 (~> 2.8.0)
      racc (~> 1.4)
    racc (1.6.2)
    slop (4.6.2)

PLATFORMS
  ruby

DEPENDENCIES
  nokogiri (>= 1.10.8)
  slop

BUNDLED WITH
   1.17.3
